GEM
  remote: https://rubygems.org/
  specs:
    ast (2.4.0)
    colorator (0.1)
    ffi (1.9.25)
    haml (4.0.6)
      tilt
    jekyll (3.0.5)
      colorator (~> 0.1)
      jekyll-sass-converter (~> 1.0)
      jekyll-watch (~> 1.1)
      kramdown (~> 1.3)
      liquid (~> 3.0)
      mercenary (~> 0.3.3)
      rouge (~> 1.7)
      safe_yaml (~> 1.0)
    jekyll-feed (0.2.3)
    jekyll-redirect-from (0.9.0)
      jekyll (>= 2.0)
    jekyll-sass-converter (1.5.2)
      sass (~> 3.4)
    jekyll-sitemap (0.9.0)
    jekyll-watch (1.5.1)
      listen (~> 3.0)
    kramdown (1.17.0)
    liquid (3.0.6)
    listen (3.0.8)
      rb-fsevent (~> 0.9, >= 0.9.4)
      rb-inotify (~> 0.9, >= 0.9.7)
    mercenary (0.3.6)
    parallel (1.12.1)
    parser (2.5.1.0)
      ast (~> 2.4.0)
    powerpack (0.1.1)
    rainbow (3.0.0)
    rb-fsevent (0.10.3)
    rb-inotify (0.9.10)
      ffi (>= 0.5.0, < 2)
    rouge (1.11.1)
    rubocop (0.55.0)
      parallel (~> 1.10)
      parser (>= 2.5)
      powerpack (~> 0.1)
      rainbow (>= 2.2.2, < 4.0)
      ruby-progressbar (~> 1.7)
      unicode-display_width (~> 1.0, >= 1.0.1)
    ruby-progressbar (1.9.0)
    safe_yaml (1.0.4)
    sass (3.7.2)
      sass-listen (~> 4.0.0)
    sass-listen (4.0.0)
      rb-fsevent (~> 0.9, >= 0.9.4)
      rb-inotify (~> 0.9, >= 0.9.7)
    tilt (2.0.1)
    unicode-display_width (1.3.2)

PLATFORMS
  ruby

DEPENDENCIES
  haml (~> 4.0.6)
  jekyll (~> 3.0.1)
  jekyll-feed (~> 0.2.3)
  jekyll-redirect-from (~> 0.9.0)
  jekyll-sitemap (~> 0.9.0)
  rubocop (~> 0.55.0)

BUNDLED WITH
   1.16.1
